GEM
  remote: https://rubygems.org/
  specs:
    kgio (2.11.0)
    mustermann (1.0.2)
    rack (2.1.4.3)
    rack-protection (2.0.3)
      rack
    raindrops (0.18.0)
    sinatra (2.0.3)
      mustermann (~> 1.0)
      rack (~> 2.0)
      rack-protection (= 2.0.3)
      tilt (~> 2.0)
    tilt (2.0.8)
    unicorn (5.3.0)
      kgio (~> 2.6)
      raindrops (~> 0.7)

PLATFORMS
  ruby

DEPENDENCIES
  rack (~> 2.1.4)
  sinatra (~> 2.0.2)
  unicorn

RUBY VERSION
   ruby 2.4.1p111

BUNDLED WITH
   1.15.4
